GEM
  remote: https://rubygems.org/
  specs:
    pg (1.2.3)

PLATFORMS
  ruby

DEPENDENCIES
  pg

RUBY VERSION
   ruby 2.5.3p105

BUNDLED WITH
   1.16.6
